PATH
  remote: .
  specs:
    sbn (0.9.1)
      activesupport (~> 3.1.0)
      builder (~> 3.0.0)
      i18n (~> 0.6.0)
      xml-simple (~> 1.1.0)

GEM
  remote: http://rubygems.org/
  specs:
    activesupport (3.1.0)
      multi_json (~> 1.0)
    builder (3.0.0)
    i18n (0.6.0)
    multi_json (1.0.3)
    rake (0.9.2)
    xml-simple (1.1.0)

PLATFORMS
  ruby

DEPENDENCIES
  rake (~> 0.9.2)
  sbn!
